GENERATE-LOAD-SCRIPTS: ON
RESTRICTION: == net47
NUGET
  remote: https://www.nuget.org/api/v2
    BouncyCastle (1.8.2)
    dotnet-fake (5.4.1) - clitool: true
    FsBech32 (0.1.0.7)
      FSharp.Compiler.Tools
      FSharp.Core
    FsCheck (2.11)
      FSharp.Core (>= 4.0.0.1)
    FSharp.Compatibility.OCaml (0.1.14)
      FSharp.Core (>= 4.3.4)
    FSharp.Compiler.Tools (10.0.2)
    FSharp.Control.AsyncSeq (2.0.21)
      FSharp.Core (>= 3.1.2)
    FSharp.Core (4.5.2)
    FSharpPlus (1.0)
      FSharp.Core (>= 4.3.4)
    FSharpx.Async (1.13.2)
      FSharp.Control.AsyncSeq
      FSharp.Core
    FSharpx.Collections (1.17)
      FSharp.Core
    FSharpx.Extras (2.2.1)
      FSharpx.Async
      FSharpx.Collections
    NUnit (3.10.1)
    System.Collections.Immutable (1.5)
    System.Reflection.Metadata (1.6)
      System.Collections.Immutable (>= 1.5)
    Zen.FSharp.Compiler.Service (17.0.2)
      System.Collections.Immutable (>= 1.3.1)
      System.Reflection.Metadata (>= 1.4.2)
    ZFStar (0.0.25)
  remote: https://www.myget.org/F/zenprotocol/api/v2
    zen_z3_linux (4.5.1.8-v1f29cebd4df)
    zen_z3_osx (4.5.1.8-v1f29cebd4df6)
    zen_z3_windows (4.5.1.7-v1f29cebd4df)

GROUP FakeBuild
GENERATE-LOAD-SCRIPTS: ON
RESTRICTION: == net47
NUGET
  remote: https://www.nuget.org/api/v2
    FAKE (5.3)
    Fake.Core.CommandLineParsing (5.4)
      FParsec (>= 1.0.3)
      FSharp.Core (>= 4.3.4)
    Fake.Core.Context (5.4)
      FSharp.Core (>= 4.3.4)
    Fake.Core.Environment (5.4.1)
      FSharp.Core (>= 4.3.4)
    Fake.Core.FakeVar (5.4)
      Fake.Core.Context (>= 5.4)
      FSharp.Core (>= 4.3.4)
    Fake.Core.Process (5.4)
      Fake.Core.Environment (>= 5.4)
      Fake.Core.FakeVar (>= 5.4)
      Fake.Core.String (>= 5.4)
      Fake.Core.Trace (>= 5.4)
      Fake.IO.FileSystem (>= 5.4)
      FSharp.Core (>= 4.3.4)
      System.Diagnostics.Process (>= 4.3)
    Fake.Core.String (5.4.1)
      FSharp.Core (>= 4.3.4)
    Fake.Core.Target (5.4)
      Fake.Core.CommandLineParsing (>= 5.4)
      Fake.Core.Context (>= 5.4)
      Fake.Core.Environment (>= 5.4)
      Fake.Core.FakeVar (>= 5.4)
      Fake.Core.Process (>= 5.4)
      Fake.Core.String (>= 5.4)
      Fake.Core.Trace (>= 5.4)
      FSharp.Control.Reactive (>= 4.1)
      FSharp.Core (>= 4.3.4)
      System.Reactive.Compatibility (>= 4.0)
    Fake.Core.Trace (5.4)
      Fake.Core.Environment (>= 5.4)
      Fake.Core.FakeVar (>= 5.4)
      FSharp.Core (>= 4.3.4)
    Fake.IO.FileSystem (5.4)
      Fake.Core.String (>= 5.4)
      FSharp.Core (>= 4.3.4)
      System.Diagnostics.FileVersionInfo (>= 4.3)
      System.IO.FileSystem.Watcher (>= 4.3)
    Fake.IO.Zip (5.4)
      Fake.Core.String (>= 5.4)
      Fake.IO.FileSystem (>= 5.4)
      FSharp.Core (>= 4.3.4)
      System.IO.Compression (>= 4.3)
      System.IO.Compression.ZipFile (>= 4.3)
    FParsec (1.0.3)
      FSharp.Core (>= 4.0.0.1)
    FSharp.Control.Reactive (4.1)
      FSharp.Core (>= 4.2.3)
      System.Reactive (>= 4.0)
    FSharp.Core (4.5.2)
    System.Diagnostics.FileVersionInfo (4.3)
    System.Diagnostics.Process (4.3)
    System.IO.Compression (4.3)
    System.IO.Compression.ZipFile (4.3)
    System.IO.FileSystem.Watcher (4.3)
    System.Reactive (4.1)
      System.Threading.Tasks.Extensions (>= 4.5.1)
      System.ValueTuple (>= 4.4)
    System.Reactive.Compatibility (4.1)
      System.Reactive.Core (>= 4.1)
      System.Reactive.Experimental (>= 4.1)
      System.Reactive.Interfaces (>= 4.1)
      System.Reactive.Linq (>= 4.1)
      System.Reactive.PlatformServices (>= 4.1)
      System.Reactive.Providers (>= 4.1)
      System.Reactive.Runtime.Remoting (>= 4.1)
      System.Reactive.Windows.Forms (>= 4.1)
      System.Reactive.Windows.Threading (>= 4.1)
    System.Reactive.Core (4.1)
      System.Reactive (>= 4.1)
      System.Threading.Tasks.Extensions (>= 4.5.1)
    System.Reactive.Experimental (4.1)
      System.Reactive (>= 4.1)
      System.Threading.Tasks.Extensions (>= 4.5.1)
    System.Reactive.Interfaces (4.1)
      System.Reactive (>= 4.1)
      System.Threading.Tasks.Extensions (>= 4.5.1)
    System.Reactive.Linq (4.1)
      System.Reactive (>= 4.1)
      System.Threading.Tasks.Extensions (>= 4.5.1)
    System.Reactive.PlatformServices (4.1)
      System.Reactive (>= 4.1)
      System.Threading.Tasks.Extensions (>= 4.5.1)
    System.Reactive.Providers (4.1)
      System.Reactive (>= 4.1)
      System.Threading.Tasks.Extensions (>= 4.5.1)
    System.Reactive.Runtime.Remoting (4.1)
      System.Reactive (>= 4.1)
      System.Threading.Tasks.Extensions (>= 4.5.1)
    System.Reactive.Windows.Forms (4.1)
      System.Reactive (>= 4.1)
      System.Threading.Tasks.Extensions (>= 4.5.1)
    System.Reactive.Windows.Threading (4.1)
      System.Reactive (>= 4.1)
      System.Threading.Tasks.Extensions (>= 4.5.1)
    System.Runtime.CompilerServices.Unsafe (4.5.1)
    System.Threading.Tasks.Extensions (4.5.1)
      System.Runtime.CompilerServices.Unsafe (>= 4.5)
    System.ValueTuple (4.5)

GROUP MetadataFix
GENERATE-LOAD-SCRIPTS: ON
RESTRICTION: == net47
NUGET
  remote: https://www.nuget.org/api/v2
    System.Collections.Immutable (1.5)
    System.Reflection.Metadata (1.4.1)
      System.Collections.Immutable (>= 1.3)
